GEM
  remote: https://rubygems.org/
  specs:
    builder (3.2.2)
    feedbag (1.0.0)
      nokogiri (~> 1.8, >= 1.8.2)
    mini_portile2 (2.8.5)
    nokogiri (1.15.4)
      mini_portile2 (~> 2.8.2)
      racc (~> 1.4)
    racc (1.7.3)

PLATFORMS
  ruby

DEPENDENCIES
  builder
  feedbag (>= 0.9.6)
  nokogiri (>= 1.11.4)

BUNDLED WITH
   2.1.4
