GEM
  remote: https://rubygems.org/
  specs:
    builder (3.2.2)
    feedbag (0.9.5)
      nokogiri (~> 1.0)
    mini_portile2 (2.8.8)
    nokogiri (1.15.7)
      mini_portile2 (~> 2.8.2)
      racc (~> 1.4)
    racc (1.8.1)

PLATFORMS
  ruby

DEPENDENCIES
  builder
  feedbag
  nokogiri (>= 1.15.7)

BUNDLED WITH
   2.1.4
